GEM
  remote: https://rubygems.org/
  specs:
    blankslate (3.1.3)
    coderay (1.1.2)
    ffi (1.0.11)
    method_source (0.9.0)
    mustermann (1.0.2)
    nltk-ruby (0.0.0)
    pry (0.11.3)
      coderay (~> 1.1.0)
      method_source (~> 0.9.0)
    pycall (1.0.3)
    rack (2.0.5)
    rack-protection (2.0.1)
      rack
    rubypython (0.6.4)
      blankslate (>= 2.1.2.3)
      ffi (~> 1.0.7)
    shotgun (0.9.2)
      rack (>= 1.0)
    sinatra (2.0.1)
      mustermann (~> 1.0)
      rack (~> 2.0)
      rack-protection (= 2.0.1)
      tilt (~> 2.0)
    tilt (2.0.8)

PLATFORMS
  ruby

DEPENDENCIES
  nltk-ruby (~> 0.0.0)
  pry
  pycall
  rubypython
  shotgun
  sinatra

RUBY VERSION
   ruby 3.0.0p0

BUNDLED WITH
   2.2.3
