GEM
  remote: https://rubygems.org/
  specs:
    blankslate (3.1.3)
    coderay (1.1.2)
    ffi (1.0.11)
    method_source (0.9.0)
    mustermann (2.0.2)
      ruby2_keywords (~> 0.0.1)
    nltk-ruby (0.0.0)
    pry (0.11.3)
      coderay (~> 1.1.0)
      method_source (~> 0.9.0)
    pycall (1.0.3)
    rack (2.2.4)
    rack-protection (2.2.3)
      rack
    ruby2_keywords (0.0.5)
    rubypython (0.6.4)
      blankslate (>= 2.1.2.3)
      ffi (~> 1.0.7)
    shotgun (0.9.2)
      rack (>= 1.0)
    sinatra (2.2.3)
      mustermann (~> 2.0)
      rack (~> 2.2)
      rack-protection (= 2.2.3)
      tilt (~> 2.0)
    tilt (2.0.11)

PLATFORMS
  ruby

DEPENDENCIES
  nltk-ruby (~> 0.0.0)
  pry
  pycall
  rubypython
  shotgun
  sinatra

RUBY VERSION
   ruby 3.0.0p0

BUNDLED WITH
   2.2.3
